PATH
  remote: .
  specs:
    liber_opsgenie (0.0.1)

GEM
  remote: https://rubygems.org/
  specs:
    byebug (11.1.3)

PLATFORMS
  ruby

DEPENDENCIES
  byebug (= 11.1.3)
  liber_opsgenie!

BUNDLED WITH
   2.1.4
